PATH
  remote: vendor/engines
  specs:
    refinerycms-banners (1.0)
    refinerycms-editais (1.0)
    refinerycms-eventos (1.0)
    refinerycms-noticias (1.0)
    refinerycms-publicacoes (1.0)

PATH
  remote: vendor/engines
  specs:
    refinerycms-portfolio (0.9.10)
      refinerycms (>= 0.9.9)

GEM
  remote: http://rubygems.org/
  specs:
    ZenTest (4.4.2)
    abstract (1.0.0)
    actionmailer (3.0.7)
      actionpack (= 3.0.7)
      mail (~> 2.2.15)
    actionpack (3.0.7)
      activemodel (= 3.0.7)
      activesupport (= 3.0.7)
      builder (~> 2.1.2)
      erubis (~> 2.6.6)
      i18n (~> 0.5.0)
      rack (~> 1.2.1)
      rack-mount (~> 0.6.14)
      rack-test (~> 0.5.7)
      tzinfo (~> 0.3.23)
    activemodel (3.0.7)
      activesupport (= 3.0.7)
      builder (~> 2.1.2)
      i18n (~> 0.5.0)
    activerecord (3.0.7)
      activemodel (= 3.0.7)
      activesupport (= 3.0.7)
      arel (~> 2.0.2)
      tzinfo (~> 0.3.23)
    activeresource (3.0.7)
      activemodel (= 3.0.7)
      activesupport (= 3.0.7)
    activesupport (3.0.7)
    acts-as-taggable-on (2.0.6)
    acts_as_indexed (0.7.1)
    arel (2.0.10)
    autotest (4.4.6)
      ZenTest (>= 4.4.1)
    autotest-notification (2.3.1)
      autotest (~> 4.3)
    autotest-rails (4.1.0)
      ZenTest
    aws-s3 (0.6.2)
      builder
      mime-types
      xml-simple
    babosa (0.2.2)
    bcrypt-ruby (2.1.4)
    builder (2.1.2)
    capybara (0.4.1.2)
      celerity (>= 0.7.9)
      culerity (>= 0.2.4)
      mime-types (>= 1.16)
      nokogiri (>= 1.3.3)
      rack (>= 1.0.0)
      rack-test (>= 0.5.4)
      selenium-webdriver (>= 0.0.27)
      xpath (~> 0.1.3)
    celerity (0.8.7)
    childprocess (0.1.6)
      ffi (~> 0.6.3)
    configuration (1.2.0)
    cucumber (0.10.0)
      builder (>= 2.1.2)
      diff-lcs (~> 1.1.2)
      gherkin (~> 2.3.2)
      json (~> 1.4.6)
      term-ansicolor (~> 1.0.5)
    cucumber-rails (0.3.2)
      cucumber (>= 0.8.0)
    culerity (0.2.15)
    daemons (1.0.10)
    database_cleaner (0.6.3)
    devise (1.1.7)
      bcrypt-ruby (~> 2.1.2)
      warden (~> 1.0.2)
    diff-lcs (1.1.2)
    dragonfly (0.8.2)
      rack
    erubis (2.6.6)
      abstract (>= 1.0.0)
    factory_girl (1.3.3)
    ffi (0.6.3)
      rake (>= 0.8.7)
    filters_spam (0.3)
    friendly_id_globalize3 (3.2.1)
      babosa (~> 0.2.1)
    gem_plugin (0.2.3)
    gherkin (2.3.3)
      json (~> 1.4.6)
    globalize3 (0.1.0.beta)
      activemodel (>= 3.0.0)
      activerecord (>= 3.0.0)
    i18n (0.5.0)
    jquery-rails (1.0.9)
      railties (~> 3.0)
      thor (~> 0.14)
    json (1.4.6)
    json_pure (1.5.1)
    launchy (0.3.7)
      configuration (>= 0.0.5)
      rake (>= 0.8.1)
    mail (2.2.19)
      activesupport (>= 2.3.6)
      i18n (>= 0.4.0)
      mime-types (~> 1.16)
      treetop (~> 1.4.8)
    mime-types (1.16)
    mongrel (1.2.0.pre2)
      daemons (~> 1.0.10)
      gem_plugin (~> 0.2.3)
    moretea-awesome_nested_set (1.4.3.1)
      activerecord (~> 3.0.0)
    nokogiri (1.4.4)
    polyglot (0.3.1)
    rack (1.2.3)
    rack-cache (1.0)
      rack (>= 0.4)
    rack-mount (0.6.14)
      rack (>= 1.0.0)
    rack-test (0.5.7)
      rack (>= 1.0)
    rails (3.0.7)
      actionmailer (= 3.0.7)
      actionpack (= 3.0.7)
      activerecord (= 3.0.7)
      activeresource (= 3.0.7)
      activesupport (= 3.0.7)
      bundler (~> 1.0)
      railties (= 3.0.7)
    rails3-jquery-autocomplete (0.7.4)
      rails (~> 3.0)
      yajl-ruby
    railties (3.0.7)
      actionpack (= 3.0.7)
      activesupport (= 3.0.7)
      rake (>= 0.8.7)
      thor (~> 0.14.4)
    rake (0.9.2)
    rdoc (3.5.3)
    refinerycms (0.9.9.4)
      bundler (~> 1.0.10)
      refinerycms-authentication (~> 0.9.9.4)
      refinerycms-base (~> 0.9.9.4)
      refinerycms-core (~> 0.9.9.4)
      refinerycms-dashboard (~> 0.9.9.4)
      refinerycms-images (~> 0.9.9.4)
      refinerycms-pages (~> 0.9.9.4)
      refinerycms-resources (~> 0.9.9.4)
      refinerycms-settings (~> 0.9.9.4)
    refinerycms-authentication (0.9.9.4)
      devise (~> 1.1)
      refinerycms-core (~> 0.9.9.4)
    refinerycms-base (0.9.9.4)
    refinerycms-core (0.9.9.4)
      acts_as_indexed (~> 0.7)
      friendly_id_globalize3 (~> 3.2.0)
      globalize3 (>= 0.1.0.beta)
      moretea-awesome_nested_set (= 1.4.3.1)
      rails (~> 3.0.3)
      rdoc (>= 2.5.11)
      refinerycms-base (~> 0.9.9.4)
      refinerycms-generators (~> 0.9.9.3)
      refinerycms-settings (~> 0.9.9.4)
      truncate_html (~> 0.5)
      will_paginate (~> 3.0.pre)
    refinerycms-dashboard (0.9.9.4)
      refinerycms-core (~> 0.9.9.4)
    refinerycms-generators (0.9.9.3)
    refinerycms-i18n (0.9.9.9)
      refinerycms (>= 0.9.8)
      routing-filter (>= 0.2.3)
    refinerycms-images (0.9.9.4)
      dragonfly (~> 0.8.2)
      rack-cache (>= 0.5.3)
      refinerycms-core (~> 0.9.9.4)
    refinerycms-inquiries (0.9.9.9)
      filters_spam (~> 0.2)
    refinerycms-pages (0.9.9.4)
      refinerycms-core (~> 0.9.9.4)
    refinerycms-resources (0.9.9.4)
      dragonfly (~> 0.8.2)
      rack-cache (>= 0.5.3)
      refinerycms-core (~> 0.9.9.4)
    refinerycms-search (0.9.8)
      refinerycms (>= 0.9.8)
    refinerycms-settings (0.9.9.4)
      refinerycms-base (~> 0.9.9.4)
    routing-filter (0.2.3)
      actionpack
    rspec (2.3.0)
      rspec-core (~> 2.3.0)
      rspec-expectations (~> 2.3.0)
      rspec-mocks (~> 2.3.0)
    rspec-core (2.3.1)
    rspec-expectations (2.3.0)
      diff-lcs (~> 1.1.2)
    rspec-mocks (2.3.0)
    rspec-rails (2.3.0)
      actionpack (~> 3.0)
      activesupport (~> 3.0)
      railties (~> 3.0)
      rspec (~> 2.3.0)
    ruby-prof (0.9.2)
    rubyzip (0.9.4)
    selenium-webdriver (0.1.2)
      childprocess (~> 0.1.5)
      ffi (~> 0.6.3)
      json_pure
      rubyzip
    spork (0.8.4)
    sqlite3 (1.3.3)
    term-ansicolor (1.0.5)
    thor (0.14.6)
    treetop (1.4.9)
      polyglot (>= 0.3.1)
    truncate_html (0.5.0)
    tzinfo (0.3.27)
    warden (1.0.3)
      rack (>= 1.0.0)
    will_paginate (3.0.pre2)
    xml-simple (1.0.14)
    xpath (0.1.3)
      nokogiri (~> 1.3)
    yajl-ruby (0.8.2)

PLATFORMS
  ruby

DEPENDENCIES
  acts-as-taggable-on
  autotest
  autotest-notification
  autotest-rails
  aws-s3
  capybara
  cucumber-rails
  database_cleaner
  factory_girl
  gherkin
  jquery-rails
  json_pure
  launchy
  mongrel (>= 1.2.0.pre2)
  rack-test (~> 0.5.6)
  rails (= 3.0.7)
  rails3-jquery-autocomplete
  refinerycms (= 0.9.9.4)
  refinerycms-banners (= 1.0)!
  refinerycms-editais (= 1.0)!
  refinerycms-eventos (= 1.0)!
  refinerycms-generators (~> 0.9)
  refinerycms-i18n (~> 0.9)
  refinerycms-inquiries (~> 0.9.9.9)
  refinerycms-noticias (= 1.0)!
  refinerycms-portfolio (~> 0.9.9)!
  refinerycms-publicacoes (= 1.0)!
  refinerycms-search (~> 0.9.8)
  rspec-rails (= 2.3)
  ruby-prof
  spork
  sqlite3
